GIT
  remote: git://github.com/ffi/ffi.git
  revision: 48a745d1433e85d15ad24978c08996bb5e7b07aa
  specs:

GIT
  remote: git://github.com/ninjablocks/ninja_blocks.git
  revision: 2724c049b8ded1f57b7a9e8e2a467f1cce1cddcb
  specs:
    ninja_blocks (0.0.1)
      msgpack

GEM
  remote: http://rubygems.org/
  specs:
    ffi (1.0.11)
    ffi-rzmq (0.9.3)
      ffi
    macaddr (1.5.0)
      systemu (>= 2.4.0)
    msgpack (0.4.6)
    rzmq_brokers (0.7.1)
      uuid
      zmqmachine (>= 0.7.0)
    systemu (2.4.2)
    uuid (2.3.5)
      macaddr (~> 1.0)
    zmqmachine (0.7.1)
      ffi-rzmq (>= 0.9.2)

PLATFORMS
  ruby

DEPENDENCIES
  ffi!
  msgpack
  ninja_blocks!
  rzmq_brokers
