GIT
  remote: git://github.com/ninjablocks/ninja_blocks.git
  revision: c0b4eeba8d215e87c8d9e4359be4ea229a3cca4e
  specs:
    ninja_blocks (0.0.1)
      msgpack

GEM
  remote: http://rubygems.org/
  specs:
    ZenTest (4.6.2)
    autotest (4.4.6)
      ZenTest (>= 4.4.1)
    autotest-growl (0.2.16)
    diff-lcs (1.1.3)
    ffi (1.0.11)
    ffi-rzmq (0.9.3)
      ffi
    macaddr (1.5.0)
      systemu (>= 2.4.0)
    msgpack (0.4.6)
    rspec (2.7.0)
      rspec-core (~> 2.7.0)
      rspec-expectations (~> 2.7.0)
      rspec-mocks (~> 2.7.0)
    rspec-core (2.7.1)
    rspec-expectations (2.7.0)
      diff-lcs (~> 1.1.2)
    rspec-mocks (2.7.0)
    rzmq_brokers (0.7.1)
      uuid
      zmqmachine (>= 0.7.0)
    systemu (2.4.2)
    uuid (2.3.5)
      macaddr (~> 1.0)
    zmqmachine (0.7.1)
      ffi-rzmq (>= 0.9.2)

PLATFORMS
  ruby

DEPENDENCIES
  autotest
  autotest-growl
  msgpack
  ninja_blocks!
  rspec
  rzmq_brokers
