GIT
  remote: git://github.com/ffi/ffi.git
  revision: eb487f838fb16a9f7b53c4931d898e24a68e2791
  specs:

GEM
  remote: http://rubygems.org/
  specs:
    ffi (1.0.11)
    ffi-rzmq (0.9.3)
      ffi
    macaddr (1.5.0)
      systemu (>= 2.4.0)
    msgpack (0.4.6)
    rzmq_brokers (0.7.1)
      uuid
      zmqmachine (>= 0.7.0)
    systemu (2.4.2)
    uuid (2.3.5)
      macaddr (~> 1.0)
    zmqmachine (0.7.1)
      ffi-rzmq (>= 0.9.2)

PLATFORMS
  ruby

DEPENDENCIES
  ffi!
  msgpack
  rzmq_brokers
