GIT
  remote: git://github.com/ninjablocks/ninja_blocks.git
  revision: c0b4eeba8d215e87c8d9e4359be4ea229a3cca4e
  specs:
    ninja_blocks (0.0.1)
      msgpack

GEM
  remote: http://rubygems.org/
  specs:
    ZenTest (4.6.2)
    autotest (4.4.6)
      ZenTest (>= 4.4.1)
    autotest-growl (0.2.16)
    diff-lcs (1.1.3)
    msgpack (0.4.6)
    rspec (2.7.0)
      rspec-core (~> 2.7.0)
      rspec-expectations (~> 2.7.0)
      rspec-mocks (~> 2.7.0)
    rspec-core (2.7.1)
    rspec-expectations (2.7.0)
      diff-lcs (~> 1.1.2)
    rspec-mocks (2.7.0)

PLATFORMS
  ruby

DEPENDENCIES
  autotest
  autotest-growl
  msgpack
  ninja_blocks!
  rspec
